GEM
  remote: https://rubygems.org/
  specs:
    benchmark-ips (2.10.0)

PLATFORMS
  x86_64-darwin-20

DEPENDENCIES
  benchmark-ips

BUNDLED WITH
   2.3.9
